GEM
  remote: http://rubygems.org/
  specs:
    i18n (0.4.2)
    rack (1.1.1)
    rake (0.8.7)
    mysql2 (0.2.6)
    coderay (0.9.7)
    rubytree (0.5.2)
    rubygems-update (1.3.7)
    actionmailer (2.3.11)
    actionpack (2.3.11)
    activesupport (2.3.11)
    activeresource (2.3.11)
    activerecord (2.3.11)
    rails (2.3.11)
    mongrel (1.1.5)
    thin (1.2.11)
      rack (>=1.0.0)

PLATFORMS
  ruby

DEPENDENCIES
  bundler (>=1.0.10)
  rake
  mysql2
  coderay
  rubytree
  rubygems-update
